GEM
  remote: https://rubygems.org/
  specs:
    aws-eventstream (1.1.0)
    aws-partitions (1.296.0)
    aws-sdk-cloudformation (1.32.0)
      aws-sdk-core (~> 3, >= 3.71.0)
      aws-sigv4 (~> 1.1)
    aws-sdk-core (3.94.0)
      aws-eventstream (~> 1, >= 1.0.2)
      aws-partitions (~> 1, >= 1.239.0)
      aws-sigv4 (~> 1.1)
      jmespath (~> 1.0)
    aws-sdk-ec2 (1.152.0)
      aws-sdk-core (~> 3, >= 3.71.0)
      aws-sigv4 (~> 1.1)
    aws-sdk-kms (1.30.0)
      aws-sdk-core (~> 3, >= 3.71.0)
      aws-sigv4 (~> 1.1)
    aws-sdk-s3 (1.61.2)
      aws-sdk-core (~> 3, >= 3.83.0)
      aws-sdk-kms (~> 1)
      aws-sigv4 (~> 1.1)
    aws-sigv4 (1.1.1)
      aws-eventstream (~> 1.0, >= 1.0.2)
    cfhighlander (0.12.0)
      aws-sdk-cloudformation (~> 1, < 2)
      aws-sdk-core (~> 3, < 4)
      aws-sdk-ec2 (~> 1, < 2)
      aws-sdk-s3 (~> 1, < 2)
      cfndsl (~> 1, < 2)
      duplicate (~> 1.1)
      git (~> 1.4, < 2)
      highline (>= 1.7.10, < 1.8)
      rubyzip (>= 2.0.0, < 3)
      thor (~> 0.20, < 1)
    cfndsl (1.0.5)
      hana (~> 1.3)
    duplicate (1.1.1)
    git (1.6.0)
      rchardet (~> 1.8)
    hana (1.3.5)
    highline (1.7.10)
    jmespath (1.4.0)
    netaddr (1.5.1)
    rchardet (1.8.0)
    rubyzip (2.3.0)
    thor (0.20.3)

PLATFORMS
  ruby

DEPENDENCIES
  cfhighlander (~> 0.12)
  netaddr (~> 1, < 2)

BUNDLED WITH
   1.16.3
